{
	"DewarPosition": "upright",
	"DigitizedHeadPoints": true,
	"DigitizedLandmarks": true,
	"ECGChannelCount": 1,
	"ECOGChannelCount": 0,
	"EEGChannelCount": 2,
	"EMGChannelCount": 0,
	"EOGChannelCount": 1,
	"EpochLength": 121,
	"InstitutionAddress": "Moorenstr. 5, 40225 Dusseldorf, Germany",
	"InstitutionName": "Institute of Clinical Neuroscience and Medical Psychology, Medical Faculty, Heinrich-Heine University Dusseldorf",
	"MEGChannelCount": 306,
	"MEGREFChannelCount": 0,
	"Manufacturer": "Neuromag/Elekta/MEGIN",
	"MiscChannelCount": 1,
	"PowerLineFrequency": 50,
	"RecordingDuration": 121,
	"SEEGChannelCount": 0,
	"SamplingFrequency": 3000,
	"SoftwareFilters": "n/a",
	"TaskDescription": "Reference recording with only dipole active at 12 Hz. All artefacts are turned off. ",
	"TaskName": "reference",
	"TriggerChannelCount": 0
}
