{
	"ContinuousHeadLocalization": true,
	"DewarPosition": "upright",
	"DigitizedHeadPoints": true,
	"DigitizedLandmarks": true,
	"ECGChannelCount": 0,
	"ECOGChannelCount": 0,
	"EEGChannelCount": 3,
	"EMGChannelCount": 0,
	"EOGChannelCount": 0,
	"EpochLength": 1,
	"InstitutionAddress": "12 Queen Square, London, UK",
	"InstitutionName": "Wellcome Trust Centre for Neuroimaging",
	"MEGChannelCount": 273,
	"MEGREFChannelCount": 29,
	"Manufacturer": "CTF",
	"ManufacturersModelName": "CTF-275",
	"MiscChannelCount": 89,
	"PowerLineFrequency": 50,
	"RecordingDuration": 240,
	"SEEGChannelCount": 0,
	"SamplingFrequency": 19200,
	"SoftwareFilters": "n/a",
	"TaskDescription": "Reference recording with only dipole active at 12 Hz. All artefacts are turned off. ",
	"TaskName": "Reference",
	"TriggerChannelCount": 0
}
